STORAGE: NONE
RESTRICTION: || (== net10) (== net5.0) (== net6.0) (== net7.0) (== netstandard2.0) (== netstandard2.1)
NUGET
  remote: https://api.nuget.org/v3/index.json
    fscheck (2.16.6)
      FSharp.Core (>= 4.2.3) - restriction: || (&& (== net10) (>= net452)) (&& (== net10) (>= netstandard1.6)) (== net5.0) (== net6.0) (== net7.0) (== netstandard2.0) (== netstandard2.1)
    FSharp.Core (7.0.300) - restriction: || (&& (== net10) (>= netstandard2.0)) (== net5.0) (== net6.0) (== net7.0) (== netstandard2.0) (== netstandard2.1)
    FSharp.Data (6.2)
      FSharp.Core (>= 5.0.1) - restriction: || (&& (== net10) (>= netstandard2.0)) (== net5.0) (== net6.0) (== net7.0) (== netstandard2.0) (== netstandard2.1)
      FSharp.Data.Csv.Core (>= 6.2) - restriction: || (&& (== net10) (>= netstandard2.0)) (== net5.0) (== net6.0) (== net7.0) (== netstandard2.0) (== netstandard2.1)
      FSharp.Data.Html.Core (>= 6.2) - restriction: || (&& (== net10) (>= netstandard2.0)) (== net5.0) (== net6.0) (== net7.0) (== netstandard2.0) (== netstandard2.1)
      FSharp.Data.Http (>= 6.2) - restriction: || (&& (== net10) (>= netstandard2.0)) (== net5.0) (== net6.0) (== net7.0) (== netstandard2.0) (== netstandard2.1)
      FSharp.Data.Json.Core (>= 6.2) - restriction: || (&& (== net10) (>= netstandard2.0)) (== net5.0) (== net6.0) (== net7.0) (== netstandard2.0) (== netstandard2.1)
      FSharp.Data.Runtime.Utilities (>= 6.2) - restriction: || (&& (== net10) (>= netstandard2.0)) (== net5.0) (== net6.0) (== net7.0) (== netstandard2.0) (== netstandard2.1)
      FSharp.Data.WorldBank.Core (>= 6.2) - restriction: || (&& (== net10) (>= netstandard2.0)) (== net5.0) (== net6.0) (== net7.0) (== netstandard2.0) (== netstandard2.1)
      FSharp.Data.Xml.Core (>= 6.2) - restriction: || (&& (== net10) (>= netstandard2.0)) (== net5.0) (== net6.0) (== net7.0) (== netstandard2.0) (== netstandard2.1)
    FSharp.Data.Csv.Core (6.2) - restriction: || (&& (== net10) (>= netstandard2.0)) (== net5.0) (== net6.0) (== net7.0) (== netstandard2.0) (== netstandard2.1)
      FSharp.Core (>= 5.0.1) - restriction: || (&& (== net10) (>= netstandard2.0)) (== net5.0) (== net6.0) (== net7.0) (== netstandard2.0) (== netstandard2.1)
      FSharp.Data.Runtime.Utilities (>= 6.2) - restriction: || (&& (== net10) (>= netstandard2.0)) (== net5.0) (== net6.0) (== net7.0) (== netstandard2.0) (== netstandard2.1)
    FSharp.Data.Html.Core (6.2) - restriction: || (&& (== net10) (>= netstandard2.0)) (== net5.0) (== net6.0) (== net7.0) (== netstandard2.0) (== netstandard2.1)
      FSharp.Core (>= 5.0.1) - restriction: || (&& (== net10) (>= netstandard2.0)) (== net5.0) (== net6.0) (== net7.0) (== netstandard2.0) (== netstandard2.1)
      FSharp.Data.Csv.Core (>= 6.2) - restriction: || (&& (== net10) (>= netstandard2.0)) (== net5.0) (== net6.0) (== net7.0) (== netstandard2.0) (== netstandard2.1)
      FSharp.Data.Runtime.Utilities (>= 6.2) - restriction: || (&& (== net10) (>= netstandard2.0)) (== net5.0) (== net6.0) (== net7.0) (== netstandard2.0) (== netstandard2.1)
    FSharp.Data.Http (6.2) - restriction: || (&& (== net10) (>= netstandard2.0)) (== net5.0) (== net6.0) (== net7.0) (== netstandard2.0) (== netstandard2.1)
      FSharp.Core (>= 5.0.1) - restriction: || (&& (== net10) (>= netstandard2.0)) (== net5.0) (== net6.0) (== net7.0) (== netstandard2.0) (== netstandard2.1)
    FSharp.Data.Json.Core (6.2) - restriction: || (&& (== net10) (>= netstandard2.0)) (== net5.0) (== net6.0) (== net7.0) (== netstandard2.0) (== netstandard2.1)
      FSharp.Core (>= 5.0.1) - restriction: || (&& (== net10) (>= netstandard2.0)) (== net5.0) (== net6.0) (== net7.0) (== netstandard2.0) (== netstandard2.1)
      FSharp.Data.Http (>= 6.2) - restriction: || (&& (== net10) (>= netstandard2.0)) (== net5.0) (== net6.0) (== net7.0) (== netstandard2.0) (== netstandard2.1)
      FSharp.Data.Runtime.Utilities (>= 6.2) - restriction: || (&& (== net10) (>= netstandard2.0)) (== net5.0) (== net6.0) (== net7.0) (== netstandard2.0) (== netstandard2.1)
    FSharp.Data.Runtime.Utilities (6.2) - restriction: || (&& (== net10) (>= netstandard2.0)) (== net5.0) (== net6.0) (== net7.0) (== netstandard2.0) (== netstandard2.1)
      FSharp.Core (>= 5.0.1) - restriction: || (&& (== net10) (>= netstandard2.0)) (== net5.0) (== net6.0) (== net7.0) (== netstandard2.0) (== netstandard2.1)
      FSharp.Data.Http (>= 6.2) - restriction: || (&& (== net10) (>= netstandard2.0)) (== net5.0) (== net6.0) (== net7.0) (== netstandard2.0) (== netstandard2.1)
    FSharp.Data.WorldBank.Core (6.2) - restriction: || (&& (== net10) (>= netstandard2.0)) (== net5.0) (== net6.0) (== net7.0) (== netstandard2.0) (== netstandard2.1)
      FSharp.Core (>= 5.0.1) - restriction: || (&& (== net10) (>= netstandard2.0)) (== net5.0) (== net6.0) (== net7.0) (== netstandard2.0) (== netstandard2.1)
      FSharp.Data.Http (>= 6.2) - restriction: || (&& (== net10) (>= netstandard2.0)) (== net5.0) (== net6.0) (== net7.0) (== netstandard2.0) (== netstandard2.1)
      FSharp.Data.Json.Core (>= 6.2) - restriction: || (&& (== net10) (>= netstandard2.0)) (== net5.0) (== net6.0) (== net7.0) (== netstandard2.0) (== netstandard2.1)
      FSharp.Data.Runtime.Utilities (>= 6.2) - restriction: || (&& (== net10) (>= netstandard2.0)) (== net5.0) (== net6.0) (== net7.0) (== netstandard2.0) (== netstandard2.1)
    FSharp.Data.Xml.Core (6.2) - restriction: || (&& (== net10) (>= netstandard2.0)) (== net5.0) (== net6.0) (== net7.0) (== netstandard2.0) (== netstandard2.1)
      FSharp.Core (>= 5.0.1) - restriction: || (&& (== net10) (>= netstandard2.0)) (== net5.0) (== net6.0) (== net7.0) (== netstandard2.0) (== netstandard2.1)
      FSharp.Data.Http (>= 6.2) - restriction: || (&& (== net10) (>= netstandard2.0)) (== net5.0) (== net6.0) (== net7.0) (== netstandard2.0) (== netstandard2.1)
      FSharp.Data.Json.Core (>= 6.2) - restriction: || (&& (== net10) (>= netstandard2.0)) (== net5.0) (== net6.0) (== net7.0) (== netstandard2.0) (== netstandard2.1)
      FSharp.Data.Runtime.Utilities (>= 6.2) - restriction: || (&& (== net10) (>= netstandard2.0)) (== net5.0) (== net6.0) (== net7.0) (== netstandard2.0) (== netstandard2.1)
